GEM
  remote: https://rubygems.org/
  specs:
    arr-pm (0.0.11)
      cabin (> 0)
    backports (3.21.0)
    cabin (0.9.0)
    childprocess (0.9.0)
      ffi (~> 1.0, >= 1.0.11)
    clamp (1.0.1)
    dotenv (2.7.6)
    ffi (1.9.25)
    fpm (1.11.0)
      arr-pm (~> 0.0.10)
      backports (>= 2.6.2)
      cabin (>= 0.6.0)
      childprocess (= 0.9.0)
      clamp (~> 1.0.0)
      ffi
      json (>= 1.7.7, < 2.0)
      pleaserun (~> 0.0.29)
      ruby-xz (~> 0.2.3)
      stud
    insist (1.0.0)
    io-like (0.3.1)
    json (1.8.6)
    mini_portile2 (2.4.0)
    mustache (0.99.8)
    nokogiri (1.10.10)
      mini_portile2 (~> 2.4.0)
    pleaserun (0.0.32)
      cabin (> 0)
      clamp
      dotenv
      insist
      mustache (= 0.99.8)
      stud
    rake (12.3.3)
    ruby-xz (0.2.3)
      ffi (~> 1.9)
      io-like (~> 0.3)
    stud (0.0.23)

PLATFORMS
  ruby

DEPENDENCIES
  ffi (~> 1.9.10)
  fpm (~> 1.11.0)
  nokogiri (~> 1.6)
  rake (~> 12.3.3)
